GEM
  remote: https://rubygems.org/
  specs:
    activesupport (5.2.3)
      concurrent-ruby (~> 1.0, >= 1.0.2)
      i18n (>= 0.7, < 2)
      minitest (~> 5.1)
      tzinfo (~> 1.1)
    backports (3.15.0)
    chrono (0.4.0)
      activesupport
    coderay (1.1.2)
    concurrent-ruby (1.1.5)
    docomoru (0.1.4)
      activesupport
      faraday
      faraday_middleware
      json
      rack
      slop
    dotenv (2.4.0)
    event_emitter (0.2.6)
    eventmachine (1.2.7)
    faraday (0.15.4)
      multipart-post (>= 1.2, < 3)
    faraday_middleware (0.10.1)
      faraday (>= 0.7.4, < 1.0)
    faye-websocket (0.10.7)
      eventmachine (>= 0.12.0)
      websocket-driver (>= 0.5.1)
    hashie (3.5.7)
    i18n (1.6.0)
      concurrent-ruby (~> 1.0)
    json (2.1.0)
    line-bot-api (1.11.0)
    mem (0.1.5)
    method_source (0.9.0)
    minitest (5.11.3)
    multi_json (1.13.1)
    multi_xml (0.6.0)
    multipart-post (2.1.1)
    mustermann (1.0.3)
    pry (0.11.3)
      coderay (~> 1.1.0)
      method_source (~> 0.9.0)
    rack (2.0.7)
    rack-protection (2.0.5)
      rack
    rake (12.3.2)
    redis (4.0.1)
    redis-namespace (1.6.0)
      redis (>= 3.0.4)
    ruboty (1.3.0)
      activesupport
      bundler
      dotenv
      mem
      slop
    ruboty-alias (0.0.8)
      ruboty (>= 1.1.1)
    ruboty-cron (1.1.0)
      activesupport
      chrono
      ruboty (>= 0.2.0)
    ruboty-echo (0.1.1)
      ruboty
    ruboty-redis (0.0.6)
      redis
      redis-namespace
      ruboty
    ruboty-ruby (0.0.2)
      ruboty
    ruboty-slack_rtm (3.1.1)
      faraday (~> 0.11)
      ruboty (>= 1.1.4)
      slack-api (~> 1.6)
      websocket-client-simple (~> 0.3.0)
    ruboty-syoboi_calendar (0.0.7)
      activesupport
      ruboty
      syoboi_calendar (= 0.3.1)
    ruboty-talk (0.0.5)
      docomoru (>= 0.0.3)
      ruboty (>= 1.1.0)
    sinatra (2.0.5)
      mustermann (~> 1.0)
      rack (~> 2.0)
      rack-protection (= 2.0.5)
      tilt (~> 2.0)
    sinatra-contrib (2.0.5)
      backports (>= 2.8.2)
      multi_json
      mustermann (~> 1.0)
      rack-protection (= 2.0.5)
      sinatra (= 2.0.5)
      tilt (>= 1.3, < 3)
    slack-api (1.6.1)
      faraday (~> 0.11)
      faraday_middleware (~> 0.10.0)
      faye-websocket (~> 0.10.6)
      multi_json (~> 1.0, >= 1.0.3)
    slop (4.6.2)
    syoboi_calendar (0.3.1)
      activesupport
      faraday
      faraday_middleware
      hashie
      multi_xml
    thread_safe (0.3.6)
    tilt (2.0.9)
    tzinfo (1.2.5)
      thread_safe (~> 0.1)
    websocket (1.2.8)
    websocket-client-simple (0.3.0)
      event_emitter
      websocket
    websocket-driver (0.7.0)
      websocket-extensions (>= 0.1.0)
    websocket-extensions (0.1.3)

PLATFORMS
  ruby

DEPENDENCIES
  dotenv
  line-bot-api
  pry
  rake
  ruboty-alias
  ruboty-cron
  ruboty-echo
  ruboty-redis
  ruboty-ruby
  ruboty-slack_rtm
  ruboty-syoboi_calendar
  ruboty-talk
  sinatra
  sinatra-contrib

RUBY VERSION
   ruby 2.4.1p111

BUNDLED WITH
   1.16.1
